GEM
  remote: https://rubygems.org/
  specs:
    connection_pool (2.5.1)
    faraday (2.13.0)
      faraday-net_http (>= 2.0, < 3.5)
      json
      logger
    faraday-net_http (3.4.0)
      net-http (>= 0.5.0)
    faraday-net_http_persistent (2.3.0)
      faraday (~> 2.5)
      net-http-persistent (>= 4.0.4, < 5)
    json (2.10.2)
    logger (1.7.0)
    net-http (0.6.0)
      uri
    net-http-persistent (4.0.5)
      connection_pool (~> 2.2)
    norairrecord (0.3.0)
      faraday (>= 1.0, < 3.0)
      faraday-net_http_persistent
      net-http-persistent
    uri (1.0.3)

PLATFORMS
  ruby
  x86_64-linux

DEPENDENCIES
  norairrecord (~> 0.3.0)

BUNDLED WITH
   2.5.22
